GEM
  remote: https://rubygems.org/
  specs:
    byebug (9.0.5)
    colorize (0.8.1)
    haml (5.1.2)
      temple (>= 0.8.0)
      tilt
    json (2.0.2)
    multi_json (1.15.0)
    mustermann (2.0.2)
      ruby2_keywords (~> 0.0.1)
    pg (1.2.3)
    puma (3.12.6)
    rack (2.2.6.2)
    rack-json-logs (1.1)
      colorize
      json
      trollop
    rack-protection (2.2.3)
      rack
    redcarpet (3.3.4)
    redis (3.3.1)
    ruby2_keywords (0.0.5)
    shotgun (0.9.1)
      rack (>= 1.0)
    sinatra (2.2.3)
      mustermann (~> 2.0)
      rack (~> 2.2)
      rack-protection (= 2.2.3)
      tilt (~> 2.0)
    sinatra-contrib (2.2.3)
      multi_json
      mustermann (~> 2.0)
      rack-protection (= 2.2.3)
      sinatra (= 2.2.3)
      tilt (~> 2.0)
    temple (0.8.2)
    tilt (2.1.0)
    trollop (2.1.2)

PLATFORMS
  ruby

DEPENDENCIES
  byebug
  haml
  pg
  puma
  rack-json-logs
  redcarpet
  redis
  shotgun
  sinatra
  sinatra-contrib

BUNDLED WITH
   2.1.4
