GEM
  remote: https://rubygems.org/
  specs:
    backports (3.18.1)
    byebug (9.0.5)
    colorize (0.8.1)
    haml (5.1.2)
      temple (>= 0.8.0)
      tilt
    json (2.0.2)
    multi_json (1.15.0)
    pg (1.2.3)
    puma (3.12.6)
    rack (1.6.12)
    rack-json-logs (1.1)
      colorize
      json
      trollop
    rack-protection (1.5.5)
      rack
    rack-test (1.1.0)
      rack (>= 1.0, < 3)
    redcarpet (3.3.4)
    redis (3.3.1)
    shotgun (0.9.1)
      rack (>= 1.0)
    sinatra (1.4.7)
      rack (~> 1.5)
      rack-protection (~> 1.4)
      tilt (>= 1.3, < 3)
    sinatra-contrib (1.4.7)
      backports (>= 2.0)
      multi_json
      rack-protection
      rack-test
      sinatra (~> 1.4.0)
      tilt (>= 1.3, < 3)
    temple (0.8.2)
    tilt (2.0.10)
    trollop (2.1.2)

PLATFORMS
  ruby

DEPENDENCIES
  byebug
  haml
  pg
  puma
  rack-json-logs
  redcarpet
  redis
  shotgun
  sinatra
  sinatra-contrib

BUNDLED WITH
   2.1.4
